PATH
  remote: .
  specs:
    ruby-openam-auth (0.1)
      httparty (~> 0.13)
      json (~> 1.8)

GEM
  remote: https://rubygems.org/
  specs:
    httparty (0.13.1)
      json (~> 1.8)
      multi_xml (>= 0.5.2)
    json (1.8.1)
    multi_xml (0.5.5)

PLATFORMS
  ruby

DEPENDENCIES
  ruby-openam-auth!
